GIT
  remote: git://github.com/bbatsov/rubocop.git
  revision: 68b73d5c38ad86f8702302d440437dbd77f677c0
  ref: 68b73d5c38a
  specs:
    rubocop (0.11.0)
      backports (~> 3.3.3)
      parser (~> 2.0.0.pre6)
      powerpack (= 0.0.1)
      rainbow (>= 1.1.4)

PATH
  remote: .
  specs:
    dacpclient (0.1.0)
      dnssd (~> 2.0)

GEM
  remote: https://rubygems.org/
  specs:
    ast (1.1.0)
    backports (3.3.3)
    coderay (1.0.9)
    dnssd (2.0)
    github-markup (0.7.5)
    method_source (0.8.2)
    minitest (5.0.6)
    multi_json (1.7.8)
    parser (2.0.0.pre6)
      ast (~> 1.1)
      slop (~> 3.4, >= 3.4.5)
    powerpack (0.0.1)
    pry (0.9.12.2)
      coderay (~> 1.0.5)
      method_source (~> 0.8)
      slop (~> 3.4)
    rainbow (1.1.4)
    rake (10.1.0)
    redcarpet (3.0.0)
    simplecov (0.7.1)
      multi_json (~> 1.0)
      simplecov-html (~> 0.7.1)
    simplecov-html (0.7.1)
    slop (3.4.6)
    yard (0.8.7)

PLATFORMS
  ruby

DEPENDENCIES
  dacpclient!
  github-markup
  minitest (~> 5.0.6)
  pry
  rake
  redcarpet
  rubocop!
  simplecov
  yard
